{
	"TaskName": "imagery",
	"Manufacturer": "Electrical Geodesics",
	"PowerLineFrequency": 60.0,
	"SamplingFrequency": 1000.0,
	"SoftwareFilters": "n/a",
	"RecordingDuration": 764.839,
	"RecordingType": "continuous",
	"EEGReference": "Cz",
	"EEGGround": "n/a",
	"EEGPlacementScheme": "GSN-HydroCel-32",
	"EEGChannelCount": 32,
	"EOGChannelCount": 0,
	"ECGChannelCount": 0,
	"EMGChannelCount": 0,
	"TriggerChannelCount": 0,
	"ManufacturersModelName": "EGI Geodesic Net Amps 400 series",
	"HardwareFilters": {
		"HardwareFilter": {
			"bandpass": [
				0.1,
				100
			]
		}
	},
	"TaskDescription": "Three-class motor imagery of the same upper extremity: rest, grasping (MI-GRASP), and elbow flexion (MI-ELBOW). 20 trials per class per session, 4 sessions per subject. Trial duration: 3.0s, cue: 3.0s, imagery: 3.0s.",
	"Instructions": "REST: relax without movement. MI-GRASP: imagine opening and closing all fingers to grab an object. MI-ELBOW: imagine moving the forearm up and down.",
	"CogAtlasID": "https://www.cognitiveatlas.org/task/id/trm_4c8a834779883/",
	"InstitutionName": "Simon Fraser University",
	"InstitutionAddress": "CA",
	"InstitutionalDepartmentName": "MENRVA Research Group, Schools of Mechatronic Systems Engineering and Engineering Science",
	"CapManufacturer": "n/a",
	"CapManufacturersModelName": "n/a",
	"SubjectArtefactDescription": "Impedance kept below 50 kOhm",
	"DeviceSerialNumber": "n/a",
	"Description": "EEG recording.",
	"MISCChannelCount": 0
}